GEM
  remote: https://rubygems.org/
  specs:
    httparty (0.13.7)
      json (~> 1.8)
      multi_xml (>= 0.5.2)
    i18n (0.7.0)
    json (1.8.3)
    money (6.5.1)
      i18n (>= 0.6.4, <= 0.7.0)
    multi_xml (0.5.5)
    rack (1.6.4)
    rack-protection (1.5.3)
      rack
    sinatra (1.4.7)
      rack (~> 1.5)
      rack-protection (~> 1.4)
      tilt (>= 1.3, < 3)
    tilt (2.0.5)

PLATFORMS
  ruby

DEPENDENCIES
  httparty
  money
  sinatra

RUBY VERSION
   ruby 2.1.5p273

BUNDLED WITH
   1.12.5
